GEM
  remote: https://rubygems.org/
  specs:
    colorize (0.8.1)
    fileutils (1.5.0)
    mysql2 (0.5.5)
    mysql2-cs-bind (0.1.1)
      mysql2

PLATFORMS
  arm64-darwin-20
  x86_64-linux

DEPENDENCIES
  colorize
  fileutils
  mysql2-cs-bind

BUNDLED WITH
   2.3.14
